PATH
  remote: .
  specs:
    cfn-nag (0.0.0)
      aws-sdk-s3 (~> 1.76)
      cfn-model (= 0.6.5)
      lightly (~> 0.3.2)
      logging (~> 2.2.2)
      netaddr (~> 2.0.4)
      optimist (~> 3.0.0)
      rexml

GEM
  remote: https://rubygems.org/
  specs:
    ast (2.4.2)
    aws-eventstream (1.2.0)
    aws-partitions (1.516.0)
    aws-sdk-core (3.121.1)
      aws-eventstream (~> 1, >= 1.0.2)
      aws-partitions (~> 1, >= 1.239.0)
      aws-sigv4 (~> 1.1)
      jmespath (~> 1.0)
    aws-sdk-kms (1.49.0)
      aws-sdk-core (~> 3, >= 3.120.0)
      aws-sigv4 (~> 1.1)
    aws-sdk-s3 (1.103.0)
      aws-sdk-core (~> 3, >= 3.120.0)
      aws-sdk-kms (~> 1)
      aws-sigv4 (~> 1.4)
    aws-sigv4 (1.4.0)
      aws-eventstream (~> 1, >= 1.0.2)
    cfn-model (0.6.5)
      kwalify (= 0.7.2)
      psych (~> 3)
    diff-lcs (1.4.4)
    docile (1.3.5)
    jmespath (1.4.0)
    kwalify (0.7.2)
    lightly (0.3.3)
    little-plugger (1.1.4)
    logging (2.2.2)
      little-plugger (~> 1.1)
      multi_json (~> 1.10)
    multi_json (1.15.0)
    netaddr (2.0.5)
    optimist (3.0.1)
    parallel (1.21.0)
    parser (3.0.2.0)
      ast (~> 2.4.1)
    psych (3.3.2)
    rainbow (3.0.0)
    rake (13.0.1)
    regexp_parser (2.1.1)
    rexml (3.2.5)
    rspec (3.10.0)
      rspec-core (~> 3.10.0)
      rspec-expectations (~> 3.10.0)
      rspec-mocks (~> 3.10.0)
    rspec-core (3.10.1)
      rspec-support (~> 3.10.0)
    rspec-expectations (3.10.1)
      diff-lcs (>= 1.2.0, < 2.0)
      rspec-support (~> 3.10.0)
    rspec-mocks (3.10.2)
      diff-lcs (>= 1.2.0, < 2.0)
      rspec-support (~> 3.10.0)
    rspec-support (3.10.2)
    rubocop (1.22.0)
      parallel (~> 1.10)
      parser (>= 3.0.0.0)
      rainbow (>= 2.2.2, < 4.0)
      regexp_parser (>= 1.8, < 3.0)
      rexml
      rubocop-ast (>= 1.12.0, < 2.0)
      ruby-progressbar (~> 1.7)
      unicode-display_width (>= 1.4.0, < 3.0)
    rubocop-ast (1.12.0)
      parser (>= 3.0.1.1)
    ruby-progressbar (1.11.0)
    simplecov (0.21.2)
      docile (~> 1.1)
      simplecov-html (~> 0.11)
      simplecov_json_formatter (~> 0.1)
    simplecov-html (0.12.3)
    simplecov_json_formatter (0.1.2)
    unicode-display_width (2.1.0)

PLATFORMS
  ruby

DEPENDENCIES
  cfn-nag!
  rake
  rspec (~> 3.4)
  rubocop
  simplecov (~> 0.21)

BUNDLED WITH
   2.2.28
